GEM
  remote: https://rubygems.org/
  specs:
    bosh-template (2.2.1)
      semi_semantic (~> 1.2.0)
    diff-lcs (1.3)
    rake (13.0.0)
    rspec (3.8.0)
      rspec-core (~> 3.8.0)
      rspec-expectations (~> 3.8.0)
      rspec-mocks (~> 3.8.0)
    rspec-core (3.8.2)
      rspec-support (~> 3.8.0)
    rspec-expectations (3.8.4)
      diff-lcs (>= 1.2.0, < 2.0)
      rspec-support (~> 3.8.0)
    rspec-mocks (3.8.1)
      diff-lcs (>= 1.2.0, < 2.0)
      rspec-support (~> 3.8.0)
    rspec-support (3.8.2)
    semantic (1.6.1)
    semi_semantic (1.2.0)

PLATFORMS
  ruby

DEPENDENCIES
  bosh-template
  rake
  rspec
  semantic

RUBY VERSION
   ruby 2.6.2p47

BUNDLED WITH
   1.17.2
